GEM
  remote: https://rubygems.org/
  specs:
    childprocess (0.8.0)
      ffi (~> 1.0, >= 1.0.11)
    ffi (1.9.22)
    minitest (5.11.3)
    pg (0.18.4)
    rubyzip (1.2.1)
    selenium-webdriver (3.9.0)
      childprocess (~> 0.5)
      rubyzip (~> 1.2)
    watir (6.10.3)
      selenium-webdriver (~> 3.4, >= 3.4.1)

PLATFORMS
  ruby

DEPENDENCIES
  minitest
  pg (~> 0.18.4)
  watir (~> 6.10.3)

RUBY VERSION
   ruby 2.4.2p198

BUNDLED WITH
   1.16.0
